GEM
  remote: https://rubygems.org/
  specs:
    dotenv (2.8.1)
    line-bot-api (1.26.0)
    multi_json (1.15.0)
    mustermann (3.0.0)
      ruby2_keywords (~> 0.0.1)
    nio4r (2.5.8)
    puma (6.0.1)
      nio4r (~> 2.0)
    rack (2.2.5)
    rack-protection (3.0.5)
      rack
    rack-unreloader (2.0.0)
    ruby2_keywords (0.0.5)
    sinatra (3.0.5)
      mustermann (~> 3.0)
      rack (~> 2.2, >= 2.2.4)
      rack-protection (= 3.0.5)
      tilt (~> 2.0)
    sinatra-contrib (3.0.5)
      multi_json
      mustermann (~> 3.0)
      rack-protection (= 3.0.5)
      sinatra (= 3.0.5)
      tilt (~> 2.0)
    tilt (2.0.11)

PLATFORMS
  arm64-darwin-21
  x86_64-linux

DEPENDENCIES
  dotenv (~> 2.0)
  line-bot-api (~> 1.0)
  puma (~> 6.0)
  rack (~> 2.2)
  rack-unreloader (~> 2.0)
  sinatra (~> 3.0)
  sinatra-contrib (~> 3.0)

BUNDLED WITH
   2.3.23
